GEM
  remote: http://rubygems.org/
  specs:
    activemodel (3.1.3)
      activesupport (= 3.1.3)
      builder (~> 3.0.0)
      i18n (~> 0.6)
    activerecord (3.1.3)
      activemodel (= 3.1.3)
      activesupport (= 3.1.3)
      arel (~> 2.2.1)
      tzinfo (~> 0.3.29)
    activesupport (3.1.3)
      multi_json (~> 1.0)
    addressable (2.2.6)
    arel (2.2.3)
    bcrypt-ruby (3.0.1)
    bcrypt-ruby (3.0.1-x86-mingw32)
    builder (3.0.0)
    data_objects (0.10.8)
      addressable (~> 2.1)
    diff-lcs (1.1.3)
    dm-aggregates (1.2.0)
      dm-core (~> 1.2.0)
    dm-constraints (1.2.0)
      dm-core (~> 1.2.0)
    dm-core (1.2.0)
      addressable (~> 2.2.6)
    dm-do-adapter (1.2.0)
      data_objects (~> 0.10.6)
      dm-core (~> 1.2.0)
    dm-migrations (1.2.0)
      dm-core (~> 1.2.0)
    dm-postgres-adapter (1.2.0)
      dm-do-adapter (~> 1.2.0)
      do_postgres (~> 0.10.6)
    dm-sqlite-adapter (1.2.0)
      dm-do-adapter (~> 1.2.0)
      do_sqlite3 (~> 0.10.6)
    dm-timestamps (1.2.0)
      dm-core (~> 1.2.0)
    dm-validations (1.2.0)
      dm-core (~> 1.2.0)
    do_postgres (0.10.8)
      data_objects (= 0.10.8)
    do_sqlite3 (0.10.8)
      data_objects (= 0.10.8)
    do_sqlite3 (0.10.8-x86-mingw32)
      data_objects (= 0.10.8)
    faraday (0.7.6)
      addressable (~> 2.2)
      multipart-post (~> 1.1)
      rack (~> 1.1)
    grit (2.4.1)
      diff-lcs (~> 1.1)
      mime-types (~> 1.15)
    haml (3.1.4)
    http_router (0.10.2)
      rack (>= 1.0.0)
      url_mount (~> 0.2.1)
    i18n (0.6.0)
    mail (2.3.0)
      i18n (>= 0.4.0)
      mime-types (~> 1.16)
      treetop (~> 1.4.8)
    mime-types (1.17.2)
    multi_json (1.0.4)
    multipart-post (1.1.5)
    padrino (0.10.5)
      padrino-admin (= 0.10.5)
      padrino-cache (= 0.10.5)
      padrino-core (= 0.10.5)
      padrino-gen (= 0.10.5)
      padrino-helpers (= 0.10.5)
      padrino-mailer (= 0.10.5)
    padrino-admin (0.10.5)
      padrino-core (= 0.10.5)
      padrino-helpers (= 0.10.5)
    padrino-cache (0.10.5)
      padrino-core (= 0.10.5)
    padrino-core (0.10.5)
      activesupport (~> 3.1.0)
      http_router (~> 0.10.2)
      sinatra (~> 1.3.1)
      thor (~> 0.14.3)
      tilt (~> 1.3.0)
    padrino-gen (0.10.5)
      bundler (~> 1.0)
      grit (~> 2.4.1)
      padrino-core (= 0.10.5)
    padrino-helpers (0.10.5)
      i18n (~> 0.6)
      padrino-core (= 0.10.5)
    padrino-mailer (0.10.5)
      mail (~> 2.3.0)
      padrino-core (= 0.10.5)
    pg (0.13.1)
    pg (0.13.1-x86-mingw32)
    polyglot (0.3.3)
    rack (1.4.1)
    rack-protection (1.2.0)
      rack
    rake (0.9.2.2)
    simple-navigation (3.7.0)
      activesupport (>= 2.3.2)
    simple_oauth (0.1.5)
    sinatra (1.3.2)
      rack (~> 1.3, >= 1.3.6)
      rack-protection (~> 1.2)
      tilt (~> 1.3, >= 1.3.3)
    sinatra-flash (0.3.0)
      sinatra (>= 1.0.0)
    sinatra-simple-navigation (3.5.1)
      simple-navigation (>= 3.5.0)
    thor (0.14.6)
    tilt (1.3.3)
    treetop (1.4.10)
      polyglot
      polyglot (>= 0.3.1)
    twitter (2.1.0)
      activesupport (>= 2.3.9, < 4)
      faraday (~> 0.7)
      multi_json (~> 1.0)
      simple_oauth (~> 0.1)
    tzinfo (0.3.33)
    url_mount (0.2.1)
      rack

PLATFORMS
  ruby
  x86-mingw32

DEPENDENCIES
  activerecord
  bcrypt-ruby
  dm-aggregates
  dm-constraints
  dm-core
  dm-migrations
  dm-postgres-adapter
  dm-sqlite-adapter
  dm-timestamps
  dm-validations
  do_postgres
  haml
  padrino (= 0.10.5)
  padrino-admin (= 0.10.5)
  padrino-cache (= 0.10.5)
  padrino-core (= 0.10.5)
  padrino-gen (= 0.10.5)
  padrino-helpers (= 0.10.5)
  pg
  rake
  sinatra-flash
  sinatra-simple-navigation
  twitter
